GEM
  remote: https://rubygems.org/
  specs:
    rspec (1.3.1)
    rutui (0.4)

PLATFORMS
  ruby

DEPENDENCIES
  rspec (= 1.3.1)
  rutui

RUBY VERSION
   ruby 1.9.3p551

BUNDLED WITH
   1.16.1
